GEM
  remote: https://rubygems.org/
  specs:
    business (2.3.0)
    uk_phone_numbers (0.1.1)

PLATFORMS
  ruby

DEPENDENCIES
  business (~> 2.3.0)
  uk_phone_numbers (~> 0.1.1)

BUNDLED WITH
   2.0.0
